GIT
  remote: git://github.com/jtescher/descriptive-statistics.git
  revision: 1135614eedfff1f1c82f3227bc2455494d25856f
  specs:
    descriptive-statistics (1.3.6)

GEM
  specs:

PLATFORMS
  ruby

DEPENDENCIES
  descriptive-statistics!
